GEM
  remote: https://rubygems.org/
  specs:
    activemodel (5.0.0.beta3)
      activesupport (= 5.0.0.beta3)
    activerecord (5.0.0.beta3)
      activemodel (= 5.0.0.beta3)
      activesupport (= 5.0.0.beta3)
      arel (~> 7.0)
    activesupport (5.0.0.beta3)
      concurrent-ruby (~> 1.0)
      i18n (~> 0.7)
      minitest (~> 5.1)
      tzinfo (~> 1.1)
    arel (7.0.0)
    concurrent-ruby (1.0.1)
    i18n (0.7.0)
    minitest (5.8.4)
    mysql2 (0.4.5)
    power_assert (1.0.1)
    rake (11.1.2)
    test-unit (3.2.3)
      power_assert
    thread_safe (0.3.5)
    tzinfo (1.2.2)
      thread_safe (~> 0.1)

PLATFORMS
  ruby

DEPENDENCIES
  activerecord
  mysql2
  rake
  test-unit

BUNDLED WITH
   1.14.3
